GEM
  remote: http://rubygems.org/
  specs:
    diff-lcs (1.1.3)
    gosu (0.7.45)
    guard (1.4.0)
      listen (>= 0.4.2)
      thor (>= 0.14.6)
    guard-rspec (1.2.1)
      guard (>= 1.1)
    listen (0.5.3)
    rb-fsevent (0.9.2)
    rspec (2.12.0)
      rspec-core (~> 2.12.0)
      rspec-expectations (~> 2.12.0)
      rspec-mocks (~> 2.12.0)
    rspec-core (2.12.1)
    rspec-expectations (2.12.0)
      diff-lcs (~> 1.1.3)
    rspec-mocks (2.12.0)
    thor (0.16.0)

PLATFORMS
  ruby

DEPENDENCIES
  gosu
  guard
  guard-rspec
  rb-fsevent
  rspec
